PATH
  remote: .
  specs:
    github-downloads (0.1.0)
      highline (~> 1.6.2)
      hirb (~> 0.4.5)
      json (~> 1.5.3)
      mime-types (~> 1.16.0)
      rest-client (~> 1.6.3)
      simpleconsole (~> 0.1.1)

GEM
  remote: http://rubygems.org/
  specs:
    awesome_print (0.3.1)
    diff-lcs (1.1.2)
    highline (1.6.2)
    hirb (0.4.5)
    json (1.5.3)
    mime-types (1.16)
    mimic (0.4.1)
      json
      plist
      rack
      sinatra
    mocha (0.9.10)
      rake
    plist (3.1.0)
    rack (1.2.1)
    rake (0.9.2)
    rest-client (1.6.3)
      mime-types (>= 1.16)
    rspec (2.5.0)
      rspec-core (~> 2.5.0)
      rspec-expectations (~> 2.5.0)
      rspec-mocks (~> 2.5.0)
    rspec-core (2.5.2)
    rspec-expectations (2.5.0)
      diff-lcs (~> 1.1.2)
    rspec-mocks (2.5.0)
    simpleconsole (0.1.1)
    sinatra (1.1.2)
      rack (~> 1.1)
      tilt (~> 1.2)
    tilt (1.2.2)

PLATFORMS
  ruby

DEPENDENCIES
  awesome_print
  github-downloads!
  mimic
  mocha
  rspec
